GEM
  remote: https://rubygems.org/
  specs:
    deep_merge (1.2.1)
    rhcl (0.1.0)
      deep_merge

PLATFORMS
  ruby

DEPENDENCIES
  rhcl

BUNDLED WITH
   2.0.2
