GEM
  remote: http://rubygems/
  specs:
    minitest (5.8.4)

PLATFORMS
  ruby

DEPENDENCIES
  minitest (= 5.8.4)

BUNDLED WITH
   1.14.6
