GEM
  remote: https://rubygems.org/
  specs:
    redis (4.1.3)

PLATFORMS
  ruby

DEPENDENCIES
  redis (= 4.1.3)

BUNDLED WITH
   1.17.2
